GIT
  remote: git@github.com:ooooooo-q/rubyXL.git
  revision: 40875fa975df3313f86b9d7a2f56eda09c14e92c
  branch: feature/frozen_string
  specs:
    rubyXL (3.4.20)
      nokogiri (>= 1.10.8)
      rubyzip (>= 1.3.0)

GEM
  remote: https://rubygems.org/
  specs:
    memory_profiler (1.0.0)
    mini_portile2 (2.7.1)
    nokogiri (1.13.1)
      mini_portile2 (~> 2.7.0)
      racc (~> 1.4)
    racc (1.6.0)
    rubyzip (2.3.2)

PLATFORMS
  ruby

DEPENDENCIES
  memory_profiler (~> 1.0)
  rubyXL!

BUNDLED WITH
   2.3.3
